GEM
  remote: https://rubygems.org/
  specs:
    activesupport (4.2.7.1)
      i18n (~> 0.7)
      json (~> 1.7, >= 1.7.7)
      minitest (~> 5.1)
      thread_safe (~> 0.3, >= 0.3.4)
      tzinfo (~> 1.1)
    addressable (2.4.0)
    backports (3.6.8)
    colorator (1.1.0)
    ethon (0.10.1)
      ffi (>= 1.3.0)
    faraday (0.10.0)
      multipart-post (>= 1.2, < 3)
    faraday_middleware (0.10.1)
      faraday (>= 0.7.4, < 1.0)
    ffi (1.9.14)
    forwardable-extended (2.6.0)
    gemoji (2.1.0)
    gh (0.15.0)
      addressable (~> 2.4.0)
      backports
      faraday (~> 0.8)
      multi_json (~> 1.0)
      net-http-persistent (~> 2.9)
      net-http-pipeline
    highline (1.7.8)
    html-pipeline (2.4.2)
      activesupport (>= 2)
      nokogiri (>= 1.4)
    i18n (0.7.0)
    jekyll (3.3.1)
      addressable (~> 2.4)
      colorator (~> 1.0)
      jekyll-sass-converter (~> 1.0)
      jekyll-watch (~> 1.1)
      kramdown (~> 1.3)
      liquid (~> 3.0)
      mercenary (~> 0.3.3)
      pathutil (~> 0.9)
      rouge (~> 1.7)
      safe_yaml (~> 1.0)
    jekyll-archives (2.1.1)
      jekyll (>= 2.4)
    jekyll-crosspost-to-medium (0.1.14)
    jekyll-feed (0.8.0)
      jekyll (~> 3.3)
    jekyll-gist (1.4.0)
      octokit (~> 4.2)
    jekyll-paginate (1.1.0)
    jekyll-sass-converter (1.5.0)
      sass (~> 3.4)
    jekyll-sitemap (0.12.0)
      jekyll (~> 3.3)
    jekyll-watch (1.5.0)
      listen (~> 3.0, < 3.1)
    jemoji (0.7.0)
      activesupport (~> 4.0)
      gemoji (~> 2.0)
      html-pipeline (~> 2.2)
      jekyll (>= 3.0)
    json (1.8.3)
    kramdown (1.13.1)
    launchy (2.4.3)
      addressable (~> 2.3)
    liquid (3.0.6)
    listen (3.0.8)
      rb-fsevent (~> 0.9, >= 0.9.4)
      rb-inotify (~> 0.9, >= 0.9.7)
    mercenary (0.3.6)
    mini_portile2 (2.1.0)
    minimal-mistakes-jekyll (4.0.10)
      jekyll (~> 3.3)
      jekyll-feed (~> 0.8)
      jekyll-gist (~> 1.4)
      jekyll-paginate (~> 1.1)
      jekyll-sitemap (~> 0.12)
      jemoji (~> 0.7)
    minitest (5.10.1)
    multi_json (1.12.1)
    multipart-post (2.0.0)
    net-http-persistent (2.9.4)
    net-http-pipeline (1.0.1)
    nokogiri (1.6.8.1)
      mini_portile2 (~> 2.1.0)
    octokit (4.6.2)
      sawyer (~> 0.8.0, >= 0.5.3)
    pathutil (0.14.0)
      forwardable-extended (~> 2.6)
    pusher-client (0.6.2)
      json
      websocket (~> 1.0)
    rb-fsevent (0.9.8)
    rb-inotify (0.9.7)
      ffi (>= 0.5.0)
    rouge (1.11.1)
    safe_yaml (1.0.4)
    sass (3.4.22)
    sawyer (0.8.1)
      addressable (>= 2.3.5, < 2.6)
      faraday (~> 0.8, < 1.0)
    thread_safe (0.3.5)
    travis (1.8.4)
      backports
      faraday (~> 0.9)
      faraday_middleware (~> 0.9, >= 0.9.1)
      gh (~> 0.13)
      highline (~> 1.6)
      launchy (~> 2.1)
      net-http-persistent (~> 2.9)
      pusher-client (~> 0.4)
      typhoeus (~> 0.6, >= 0.6.8)
    typhoeus (0.8.0)
      ethon (>= 0.8.0)
    tzinfo (1.2.2)
      thread_safe (~> 0.1)
    websocket (1.2.3)

PLATFORMS
  ruby

DEPENDENCIES
  jekyll (~> 3.3.0)
  jekyll-archives
  jekyll-crosspost-to-medium
  jekyll-feed
  jekyll-gist
  jekyll-paginate
  jekyll-sitemap
  jemoji
  minimal-mistakes-jekyll
  travis

BUNDLED WITH
   1.13.6
